GEM
  remote: http://gems.local.twitter.com/
  specs:
    deep_merge (1.0.1)
    dotenv (0.11.1)
      dotenv-deployment (~> 0.0.2)
    dotenv-deployment (0.0.2)
    erubis (2.7.0)
    eventmachine (1.0.3)
    faraday (0.9.0)
      multipart-post (>= 1.2, < 3)
    faraday_middleware (0.9.1)
      faraday (>= 0.7.4, < 0.10)
    foreman (0.74.0)
      dotenv (~> 0.11.1)
      thor (~> 0.19.1)
    gem_uploader (0.0.13)
      ods_credentials
    hashie (2.1.2)
    hayaku (3.13.4)
      deep_merge (~> 1.0)
      erubis (~> 2.7.0)
      foreman (~> 0.60)
      gem_uploader (~> 0.0.12)
      jenkins_api_client (~> 0.14)
      json (~> 1.5)
      nokogiri (~> 1.5)
      parallel (~> 1.0)
      ruby-progressbar (~> 1.5.1)
      rubyperf (~> 1.5.0)
      serverset_client (~> 0.6)
      spitball (~> 0.7.0)
      tinder (~> 1.9)
      trollop (~> 1.16)
    highline (1.6.21)
    http_parser.rb (0.5.3)
    httparty (0.13.0)
      json (~> 1.8)
      multi_xml (>= 0.5.2)
    jenkins_api_client (0.14.1)
      json
      mixlib-shellout (>= 1.1.0)
      nokogiri (~> 1.5.0)
      terminal-table (>= 1.4.0)
      thor (>= 0.16.0)
    json (1.8.1)
    kgio (2.9.2)
    little-plugger (1.1.3)
    logging (1.8.2)
      little-plugger (>= 1.1.3)
      multi_json (>= 1.8.4)
    mime-types (2.3)
    mixlib-shellout (1.4.0)
    multi_json (1.10.1)
    multi_xml (0.5.5)
    multipart-post (2.0.0)
    nokogiri (1.5.11)
    ods_credentials (0.0.18)
      highline (>= 1.6.2)
    parallel (1.2.4)
    rack (1.5.2)
    rack-protection (1.5.3)
      rack
    raindrops (0.13.0)
    ruby-progressbar (1.5.1)
    rubyperf (1.5.0)
    rufus-scheduler (3.0.6)
      tzinfo
    sem_ver (0.1.1)
    serverset_client (0.7.0)
      thrift (>= 0.2.0)
      thrift_client (>= 0.6.0)
      yajl-ruby
      zk (>= 1.7.0)
    simple_oauth (0.1.9)
    sinatra (1.3.2)
      rack (~> 1.3, >= 1.3.6)
      rack-protection (~> 1.2)
      tilt (~> 1.3, >= 1.3.3)
    spitball (0.7.4)
      sem_ver
    terminal-table (1.4.5)
    thor (0.19.1)
    thread_safe (0.3.4)
    thrift (0.9.1)
    thrift_client (0.9.2)
      thrift (~> 0.9.0)
    tilt (1.4.1)
    tinder (1.10.0)
      eventmachine (~> 1.0)
      faraday (~> 0.9.0)
      faraday_middleware (~> 0.9)
      hashie (>= 1.0, < 3)
      json (~> 1.8.0)
      mime-types
      multi_json (~> 1.7)
      twitter-stream (~> 0.1)
    trollop (1.16.2)
    twitter-stream (0.1.16)
      eventmachine (>= 0.12.8)
      http_parser.rb (~> 0.5.1)
      simple_oauth (~> 0.1.4)
    tzinfo (1.2.2)
      thread_safe (~> 0.1)
    unicorn (4.8.3)
      kgio (~> 2.6)
      rack
      raindrops (~> 0.7)
    yajl-ruby (1.2.1)
    zk (1.9.4)
      logging (~> 1.8.2)
      zookeeper (~> 1.4.0)
    zookeeper (1.4.8)

PLATFORMS
  ruby

DEPENDENCIES
  foreman
  hayaku (~> 3.0)
  httparty
  json
  rufus-scheduler
  sinatra (= 1.3.2)
  unicorn
